GEM
  remote: https://rubygems.org/
  specs:
    cutest (1.2.0)
    rake (10.0.4)

PLATFORMS
  ruby

DEPENDENCIES
  cutest (~> 1.2.0)
  rake
